

GROUP dotnet_deps_net5.0
RESTRICTION: == net5.0
NUGET
  remote: https://api.nuget.org/v3/index.json
    BenderProxy (1.0)
    CommandLineParser (2.8)
    Handlebars.Net (1.11.5)
      Microsoft.CSharp (>= 4.4)
      System.Reflection.TypeExtensions (>= 4.4)
    Humanizer.Core (2.8.26)
    Microsoft.CSharp (4.7)
    Microsoft.Extensions.DependencyInjection (3.1.9)
      Microsoft.Extensions.DependencyInjection.Abstractions (>= 3.1.9)
    Microsoft.Extensions.DependencyInjection.Abstractions (3.1.9)
    Microsoft.IdentityModel.Abstractions (6.19)
    Microsoft.IdentityModel.Logging (6.19)
      Microsoft.IdentityModel.Abstractions (>= 6.19)
    Microsoft.IdentityModel.Tokens (6.19)
      Microsoft.CSharp (>= 4.5)
      Microsoft.IdentityModel.Logging (>= 6.19)
      System.Security.Cryptography.Cng (>= 4.5)
    Microsoft.NETCore.App.Ref (5.0)
    Microsoft.NETCore.App.Runtime.linux-x64 (5.0.17)
    Microsoft.NETCore.App.Runtime.osx-x64 (5.0.17)
    Microsoft.NETCore.App.Runtime.win-x64 (5.0.17)
    Microsoft.NETCore.Platforms (7.0.2)
    Microsoft.NETCore.Targets (5.0)
    NETStandard.Library (2.0.3)
      Microsoft.NETCore.Platforms (>= 1.1)
    Newtonsoft.Json (13.0.1)
    NUnit (3.13.2)
      NETStandard.Library (>= 2.0)
    NUnitLite (3.13.2)
      NETStandard.Library (>= 2.0)
      NUnit (3.13.2)
    System.Buffers (4.5.1)
    System.Diagnostics.Tools (4.3)
      Microsoft.NETCore.Platforms (>= 1.1)
      Microsoft.NETCore.Targets (>= 1.1)
      System.Runtime (>= 4.3)
    System.Formats.Asn1 (5.0)
      System.Buffers (>= 4.5.1)
      System.Memory (>= 4.5.5)
    System.IO (4.3)
      Microsoft.NETCore.Platforms (>= 1.1)
      Microsoft.NETCore.Targets (>= 1.1)
      System.Runtime (>= 4.3)
      System.Text.Encoding (>= 4.3)
      System.Threading.Tasks (>= 4.3)
    System.Memory (4.5.5)
    System.Reflection (4.3)
      Microsoft.NETCore.Platforms (>= 1.1)
      Microsoft.NETCore.Targets (>= 1.1)
      System.IO (>= 4.3)
      System.Reflection.Primitives (>= 4.3)
      System.Runtime (>= 4.3)
    System.Reflection.Primitives (4.3)
      Microsoft.NETCore.Platforms (>= 1.1)
      Microsoft.NETCore.Targets (>= 1.1)
      System.Runtime (>= 4.3)
    System.Reflection.TypeExtensions (4.7)
    System.Runtime (4.3.1)
      Microsoft.NETCore.Platforms (>= 1.1.1)
      Microsoft.NETCore.Targets (>= 1.1.3)
    System.Runtime.Handles (4.3)
      Microsoft.NETCore.Platforms (>= 1.1)
      Microsoft.NETCore.Targets (>= 1.1)
      System.Runtime (>= 4.3)
    System.Runtime.InteropServices (4.3)
      Microsoft.NETCore.Platforms (>= 1.1)
      Microsoft.NETCore.Targets (>= 1.1)
      System.Reflection (>= 4.3)
      System.Reflection.Primitives (>= 4.3)
      System.Runtime (>= 4.3)
      System.Runtime.Handles (>= 4.3)
    System.Security.Cryptography.Cng (5.0)
      System.Formats.Asn1 (>= 5.0)
    System.Text.Encoding (4.3)
      Microsoft.NETCore.Platforms (>= 1.1)
      Microsoft.NETCore.Targets (>= 1.1)
      System.Runtime (>= 4.3)
    System.Threading.Tasks (4.3)
      Microsoft.NETCore.Platforms (>= 1.1)
      Microsoft.NETCore.Targets (>= 1.1)
      System.Runtime (>= 4.3)

GROUP dotnet_deps_net6.0
RESTRICTION: == net6.0
NUGET
  remote: https://api.nuget.org/v3/index.json
    BenderProxy (1.0)
    CommandLineParser (2.8)
    Handlebars.Net (1.11.5)
      Microsoft.CSharp (>= 4.4)
      System.Reflection.TypeExtensions (>= 4.4)
    Humanizer.Core (2.8.26)
    Microsoft.CSharp (4.7)
    Microsoft.Extensions.DependencyInjection (3.1.9)
      Microsoft.Extensions.DependencyInjection.Abstractions (>= 3.1.9)
    Microsoft.Extensions.DependencyInjection.Abstractions (3.1.9)
    Microsoft.IdentityModel.Abstractions (6.19)
    Microsoft.IdentityModel.Logging (6.19)
      Microsoft.IdentityModel.Abstractions (>= 6.19)
    Microsoft.IdentityModel.Tokens (6.19)
      Microsoft.CSharp (>= 4.5)
      Microsoft.IdentityModel.Logging (>= 6.19)
      System.Security.Cryptography.Cng (>= 4.5)
    Microsoft.NETCore.App.Ref (6.0.8)
    Microsoft.NETCore.App.Runtime.linux-x64 (6.0.15)
    Microsoft.NETCore.App.Runtime.osx-arm64 (6.0.15)
    Microsoft.NETCore.App.Runtime.osx-x64 (6.0.15)
    Microsoft.NETCore.App.Runtime.win-x64 (6.0.15)
    Microsoft.NETCore.Platforms (7.0.2)
    Microsoft.NETCore.Targets (5.0)
    NETStandard.Library (2.0.3)
      Microsoft.NETCore.Platforms (>= 1.1)
    Newtonsoft.Json (13.0.1)
    NUnit (3.13.2)
      NETStandard.Library (>= 2.0)
    NUnitLite (3.13.2)
      NETStandard.Library (>= 2.0)
      NUnit (3.13.2)
    System.Diagnostics.Tools (4.3)
      Microsoft.NETCore.Platforms (>= 1.1)
      Microsoft.NETCore.Targets (>= 1.1)
      System.Runtime (>= 4.3)
    System.Formats.Asn1 (7.0)
    System.IO (4.3)
      Microsoft.NETCore.Platforms (>= 1.1)
      Microsoft.NETCore.Targets (>= 1.1)
      System.Runtime (>= 4.3)
      System.Text.Encoding (>= 4.3)
      System.Threading.Tasks (>= 4.3)
    System.Reflection (4.3)
      Microsoft.NETCore.Platforms (>= 1.1)
      Microsoft.NETCore.Targets (>= 1.1)
      System.IO (>= 4.3)
      System.Reflection.Primitives (>= 4.3)
      System.Runtime (>= 4.3)
    System.Reflection.Primitives (4.3)
      Microsoft.NETCore.Platforms (>= 1.1)
      Microsoft.NETCore.Targets (>= 1.1)
      System.Runtime (>= 4.3)
    System.Reflection.TypeExtensions (4.7)
    System.Runtime (4.3.1)
      Microsoft.NETCore.Platforms (>= 1.1.1)
      Microsoft.NETCore.Targets (>= 1.1.3)
    System.Runtime.Handles (4.3)
      Microsoft.NETCore.Platforms (>= 1.1)
      Microsoft.NETCore.Targets (>= 1.1)
      System.Runtime (>= 4.3)
    System.Runtime.InteropServices (4.3)
      Microsoft.NETCore.Platforms (>= 1.1)
      Microsoft.NETCore.Targets (>= 1.1)
      System.Reflection (>= 4.3)
      System.Reflection.Primitives (>= 4.3)
      System.Runtime (>= 4.3)
      System.Runtime.Handles (>= 4.3)
    System.Security.Cryptography.Cng (5.0)
      System.Formats.Asn1 (>= 5.0)
    System.Text.Encoding (4.3)
      Microsoft.NETCore.Platforms (>= 1.1)
      Microsoft.NETCore.Targets (>= 1.1)
      System.Runtime (>= 4.3)
    System.Threading.Tasks (4.3)
      Microsoft.NETCore.Platforms (>= 1.1)
      Microsoft.NETCore.Targets (>= 1.1)
      System.Runtime (>= 4.3)
